GIT
  remote: https://github.com/timbru31/ruby-test-reporter.git
  revision: 1b3b6c11ea7017b7ccb6434198ec773904d819ca
  specs:
    codeclimate-test-reporter (1.0.8)
      simplecov

GEM
  remote: https://rubygems.org/
  specs:
    activesupport (5.2.0)
      concurrent-ruby (~> 1.0, >= 1.0.2)
      i18n (>= 0.7, < 2)
      minitest (~> 5.1)
      tzinfo (~> 1.1)
    ast (2.4.0)
    byebug (10.0.2)
    coderay (1.1.2)
    concurrent-ruby (1.0.5)
    coveralls_reborn (0.11.1)
      json (~> 2.1)
      simplecov (~> 0.16.0)
      term-ansicolor (~> 1.6)
      thor (~> 0.20.0)
      tins (~> 1.16)
    docile (1.3.0)
    i18n (1.0.0)
      concurrent-ruby (~> 1.0)
    jaro_winkler (1.4.0)
    json (2.1.0)
    method_source (0.9.0)
    mini_portile2 (2.3.0)
    minitest (5.11.3)
    nokogiri (1.8.2)
      mini_portile2 (~> 2.3.0)
    parallel (1.12.1)
    parser (2.5.1.0)
      ast (~> 2.4.0)
    powerpack (0.1.1)
    pry (0.11.3)
      coderay (~> 1.1.0)
      method_source (~> 0.9.0)
    pry-byebug (3.6.0)
      byebug (~> 10.0)
      pry (~> 0.10)
    rainbow (3.0.0)
    rake (12.3.1)
    require_all (2.0.0)
    rubocop (0.57.0)
      jaro_winkler (~> 1.4.0)
      parallel (~> 1.10)
      parser (>= 2.5)
      powerpack (~> 0.1)
      rainbow (>= 2.2.2, < 4.0)
      ruby-progressbar (~> 1.7)
      unicode-display_width (~> 1.0, >= 1.0.1)
    ruby-mp3info (0.8.10)
    ruby-progressbar (1.9.0)
    simplecov (0.16.1)
      docile (~> 1.1)
      json (>= 1.8, < 3)
      simplecov-html (~> 0.10.0)
    simplecov-html (0.10.2)
    term-ansicolor (1.6.0)
      tins (~> 1.0)
    thor (0.20.0)
    thread_safe (0.3.6)
    tins (1.16.3)
    tzinfo (1.2.5)
      thread_safe (~> 0.1)
    unicode-display_width (1.4.0)

PLATFORMS
  ruby

DEPENDENCIES
  activesupport (>= 5.2.0)
  codeclimate-test-reporter!
  coveralls_reborn (~> 0.11.1)
  minitest (>= 5.11.3)
  nokogiri (>= 1.8.2)
  pry-byebug (>= 3.6.0)
  rake (>= 12.3.1)
  require_all (>= 2.0.0)
  rubocop (>= 0.54.0)
  ruby-mp3info (>= 0.8.10)
  simplecov (>= 0.16.1)

BUNDLED WITH
   1.16.1
